GEM
  remote: https://rubygems.org/
  specs:
    highline (3.1.2)
      reline
    io-console (0.8.0)
    reline (0.6.1)
      io-console (~> 0.5)

PLATFORMS
  arm64-darwin-24
  ruby

DEPENDENCIES
  highline

BUNDLED WITH
   2.5.22
